GIT
  remote: git://github.com/YouthTree/radiant-navigation-extension.git
  revision: 5f2c91fbe807a3ed2715e5cb4903c61171a5881c
  specs:
    radiant-navigation-extension (2.0.3)

GEM
  remote: http://rubygems.org/
  specs:
    RedCloth (4.2.3)
    activerecord (1.6.0)
    activesupport (3.0.3)
    acts_as_list (0.1.2)
    aws-s3 (0.6.2)
      builder
      mime-types
      xml-simple
    builder (3.0.0)
    compass (0.10.6)
      haml (>= 3.0.4)
    haml (3.0.25)
    mime-types (1.16)
    paperclip (2.3.8)
      activerecord
      activesupport
    rack (1.1.0)
    radiant (0.9.1)
      RedCloth (>= 4.0.0)
      rack (~> 1.1.0)
      rake (>= 0.8.3)
      will_paginate (~> 2.3.11)
    radiant-drag_order-extension (0.5.0)
      radiant (>= 0.9.1)
    radiant-forms-extension (3.3.2)
      radiant-drag_order-extension (>= 0.4.9)
    radiant-images-extension (0.6.1)
      acts_as_list (>= 0.1.2)
      aws-s3 (>= 0.6.2)
      paperclip (~> 2.3.5)
      radiant (>= 0.9.1)
    radiant-layouts-extension (1.1.3)
      radiant (>= 0.9.1)
    radiant-settings-extension (1.1.1)
    rake (0.8.7)
    sqlite3-ruby (1.3.2)
    will_paginate (2.3.15)
    xml-simple (1.0.12)

PLATFORMS
  ruby

DEPENDENCIES
  RedCloth (>= 4.0.0)
  compass (~> 0.10.5)
  rack (~> 1.1.0)
  radiant-forms-extension
  radiant-images-extension
  radiant-layouts-extension
  radiant-navigation-extension!
  radiant-settings-extension
  rake (>= 0.8.3)
  sqlite3-ruby
  will_paginate (~> 2.3.11)
