GEM
  remote: http://rubygems.org/
  specs:
    RedCloth (4.2.3)
    activerecord (1.6.0)
    activesupport (3.0.3)
    acts_as_list (0.1.2)
    aws-s3 (0.6.2)
      builder
      mime-types
      xml-simple
    builder (3.0.0)
    capistrano (2.5.19)
      highline
      net-scp (>= 1.0.0)
      net-sftp (>= 2.0.0)
      net-ssh (>= 2.0.14)
      net-ssh-gateway (>= 1.0.0)
    columnize (0.3.2)
    compass (0.10.6)
      haml (>= 3.0.4)
    haml (3.0.25)
    highline (1.6.1)
    kgio (2.1.1)
    linecache (0.43)
    mime-types (1.16)
    net-scp (1.0.4)
      net-ssh (>= 1.99.1)
    net-sftp (2.0.5)
      net-ssh (>= 2.0.9)
    net-ssh (2.0.23)
    net-ssh-gateway (1.0.1)
      net-ssh (>= 1.99.1)
    paperclip (2.3.8)
      activerecord
      activesupport
    pg (0.10.0)
    rack (1.1.0)
    radiant (0.9.1)
      RedCloth (>= 4.0.0)
      rack (~> 1.1.0)
      rake (>= 0.8.3)
      will_paginate (~> 2.3.11)
    radiant-drag_order-extension (0.5.0)
      radiant (>= 0.9.1)
    radiant-forms-extension (3.3.2)
      radiant-drag_order-extension (>= 0.4.9)
    radiant-images-extension (0.6.1)
      acts_as_list (>= 0.1.2)
      aws-s3 (>= 0.6.2)
      paperclip (~> 2.3.5)
      radiant (>= 0.9.1)
    radiant-layouts-extension (1.1.3)
      radiant (>= 0.9.1)
    radiant-settings-extension (1.1.1)
    rake (0.8.7)
    ruby-debug (0.10.4)
      columnize (>= 0.1)
      ruby-debug-base (~> 0.10.4.0)
    ruby-debug-base (0.10.4)
      linecache (>= 0.3)
    rvm (1.1.9)
    thor (0.14.6)
    unicorn (3.2.1)
      kgio (~> 2.1)
      rack
    will_paginate (2.3.15)
    xml-simple (1.0.12)
    ydd (0.0.11)
      activerecord
      activesupport
      thor (~> 0.14)
    youthtree-capistrano (0.3.0)
      bundler (~> 1.0)
      capistrano
      rvm (~> 1.0)
      ydd

PLATFORMS
  ruby

DEPENDENCIES
  RedCloth (>= 4.0.0)
  capistrano
  compass (~> 0.10.5)
  pg
  rack (~> 1.1.0)
  radiant-forms-extension
  radiant-images-extension
  radiant-layouts-extension
  radiant-settings-extension
  rake (>= 0.8.3)
  ruby-debug
  unicorn
  will_paginate (~> 2.3.11)
  youthtree-capistrano
